PATH
  remote: .
  specs:
    rack-graphql (3.8.0)
      graphql (~> 2.0)
      json (>= 2.8.0)
      rack (>= 2.2.6)

GEM
  remote: https://rubygems.org/
  specs:
    ast (2.4.2)
    awesome_print (1.9.2)
    base64 (0.2.0)
    coderay (1.1.3)
    diff-lcs (1.5.1)
    fiber-storage (1.0.0)
    graphql (2.4.9)
      base64
      fiber-storage
      logger
    json (2.9.1)
    language_server-protocol (3.17.0.4)
    logger (1.6.5)
    method_source (1.1.0)
    parallel (1.26.3)
    parser (3.3.7.1)
      ast (~> 2.4.1)
      racc
    pry (0.15.2)
      coderay (~> 1.1)
      method_source (~> 1.0)
    racc (1.8.1)
    rack (3.1.9)
    rack-test (2.2.0)
      rack (>= 1.3)
    rainbow (3.1.1)
    rake (13.2.1)
    regexp_parser (2.10.0)
    rspec (3.13.0)
      rspec-core (~> 3.13.0)
      rspec-expectations (~> 3.13.0)
      rspec-mocks (~> 3.13.0)
    rspec-core (3.13.2)
      rspec-support (~> 3.13.0)
    rspec-expectations (3.13.3)
      diff-lcs (>= 1.2.0, < 2.0)
      rspec-support (~> 3.13.0)
    rspec-mocks (3.13.2)
      diff-lcs (>= 1.2.0, < 2.0)
      rspec-support (~> 3.13.0)
    rspec-support (3.13.2)
    rubocop (1.71.2)
      json (~> 2.3)
      language_server-protocol (>= 3.17.0)
      parallel (~> 1.10)
      parser (>= 3.3.0.2)
      rainbow (>= 2.2.2, < 4.0)
      regexp_parser (>= 2.9.3, < 3.0)
      rubocop-ast (>= 1.38.0, < 2.0)
      ruby-progressbar (~> 1.7)
      unicode-display_width (>= 2.4.0, < 4.0)
    rubocop-ast (1.38.0)
      parser (>= 3.3.1.0)
    rubocop-rake (0.6.0)
      rubocop (~> 1.0)
    rubocop-rspec (3.4.0)
      rubocop (~> 1.61)
    ruby-progressbar (1.13.0)
    unicode-display_width (3.1.4)
      unicode-emoji (~> 4.0, >= 4.0.4)
    unicode-emoji (4.0.4)

PLATFORMS
  aarch64-linux-musl
  ruby
  x86_64-darwin-18
  x86_64-darwin-19
  x86_64-darwin-20
  x86_64-darwin-21
  x86_64-linux

DEPENDENCIES
  awesome_print
  bundler
  pry
  rack-graphql!
  rack-test
  rake
  rspec
  rubocop
  rubocop-rake
  rubocop-rspec

BUNDLED WITH
   2.6.3
